GEM
  remote: https://rubygems.org/
  specs:
    chronic (0.10.2)
    hipchat (1.1.0)
      httparty
    httparty (0.13.1)
      json (~> 1.8)
      multi_xml (>= 0.5.2)
    json (1.8.1)
    multi_xml (0.5.5)
    sequel (4.0.0)
    sqlite3 (1.3.9)
    thor (0.19.1)
    timetrap (1.8.14)
      chronic (~> 0.10.2)
      sequel (~> 4.0.0)
      sqlite3 (~> 1.3.3)

PLATFORMS
  ruby

DEPENDENCIES
  hipchat
  thor
  timetrap
